GEM
  remote: https://rubygems.org/
  specs:
    deep_merge (1.2.1)
    diplomat (2.2.5)
      deep_merge (~> 1.0, >= 1.0.1)
      faraday (~> 0.9)
    faraday (0.15.4)
      multipart-post (>= 1.2, < 3)
    multipart-post (2.1.1)

PLATFORMS
  ruby

DEPENDENCIES
  diplomat

BUNDLED WITH
   2.0.2
